GEM
  remote: http://rubygems.org/
  specs:
    git (1.2.5)
    jeweler (1.6.4)
      bundler (~> 1.0)
      git (>= 1.2.5)
      rake
    rake (0.9.2.2)
    test-unit (2.0.9)
    yard (0.7.3)

PLATFORMS
  ruby

DEPENDENCIES
  jeweler
  rake
  test-unit
  yard
